GEM
  remote: https://rubygems.org/
  specs:
    awesome_print (1.7.0)
    aws-sdk (2.6.32)
      aws-sdk-resources (= 2.6.32)
    aws-sdk-core (2.6.32)
      aws-sigv4 (~> 1.0)
      jmespath (~> 1.0)
    aws-sdk-resources (2.6.32)
      aws-sdk-core (= 2.6.32)
    aws-sigv4 (1.0.0)
    httparty (0.14.0)
      multi_xml (>= 0.5.2)
    jmespath (1.3.1)
    multi_xml (0.5.5)
    sqlite3 (1.3.12)

PLATFORMS
  ruby

DEPENDENCIES
  awesome_print
  aws-sdk
  httparty
  sqlite3

BUNDLED WITH
   1.12.5
